GEM
  remote: https://rubygems.org/
  specs:
    gosu (0.12.1-x86-mingw32)
    gosu-examples (1.0.4)
      gosu (>= 0.11.0)

PLATFORMS
  x86-mingw32

DEPENDENCIES
  gosu
  gosu-examples

BUNDLED WITH
   1.15.4
